GEM
  remote: https://rubygems.org/
  specs:
    mini_portile2 (2.1.0)
    nokogiri (1.7.0.1)
      mini_portile2 (~> 2.1.0)
    samao (0.1.3)
      nokogiri

PLATFORMS
  ruby

DEPENDENCIES
  samao

BUNDLED WITH
   1.13.6
